GEM
  remote: https://rubygems.org/
  specs:
    bindata (2.0.0)
    byebug (2.5.0)
      columnize (~> 0.3.6)
      debugger-linecache (~> 1.2.0)
    coderay (1.1.0)
    columnize (0.3.6)
    debugger-linecache (1.2.0)
    httparty (0.12.0)
      json (~> 1.8)
      multi_xml (>= 0.5.2)
    json (1.8.1)
    method_source (0.8.2)
    multi_xml (0.5.5)
    pry (0.9.12.4)
      coderay (~> 1.0)
      method_source (~> 0.8)
      slop (~> 3.4)
    slop (3.4.7)

PLATFORMS
  ruby

DEPENDENCIES
  bindata
  byebug
  httparty
  pry
